GEM
  remote: https://rubygems.org/
  specs:
    kramdown (1.9.0)

PLATFORMS
  ruby

DEPENDENCIES
  kramdown

BUNDLED WITH
   1.10.6
